GEM
  remote: https://rubygems.org/
  specs:
    cairo (1.16.2)
      native-package-installer (>= 1.0.3)
      pkg-config (>= 1.2.2)
    cairo-graph (0.0.2)
      cairo
    haml (5.0.4)
      temple (>= 0.8.0)
      tilt
    mustermann (1.0.3)
    native-package-installer (1.0.6)
    pkg-config (1.3.2)
    power_assert (1.1.3)
    rack (2.0.6)
    rack-protection (2.0.4)
      rack
    rack-test (1.1.0)
      rack (>= 1.0, < 3)
    sinatra (2.0.4)
      mustermann (~> 1.0)
      rack (~> 2.0)
      rack-protection (= 2.0.4)
      tilt (~> 2.0)
    temple (0.8.0)
    test-unit (3.2.8)
      power_assert
    tilt (2.0.8)

PLATFORMS
  ruby

DEPENDENCIES
  cairo-graph
  haml
  rack-test
  sinatra
  test-unit

BUNDLED WITH
   1.14.3
