GEM
  remote: https://rubygems.org/
  specs:
    cairo (1.14.1)
      pkg-config (>= 1.1.5)
    cairo-graph (0.0.2)
      cairo
    haml (4.0.6)
      tilt
    pkg-config (1.1.6)
    power_assert (0.2.3)
    rack (1.6.0)
    rack-protection (1.5.3)
      rack
    rack-test (0.6.3)
      rack (>= 1.0)
    sinatra (1.4.5)
      rack (~> 1.4)
      rack-protection (~> 1.4)
      tilt (~> 1.3, >= 1.3.4)
    test-unit (3.0.9)
      power_assert
    tilt (1.4.1)

PLATFORMS
  ruby

DEPENDENCIES
  cairo-graph
  haml
  rack-test
  sinatra
  test-unit
